PATH
  remote: .
  specs:
    minesweeper_2pl (0.1.0)

GEM
  remote: https://rubygems.org/
  specs:
    minitest (5.11.3)
    minitest-stub_any_instance (1.0.2)
    rake (10.5.0)
    spy (0.4.5)

PLATFORMS
  ruby

DEPENDENCIES
  bundler (~> 1.16)
  minesweeper_2pl!
  minitest
  minitest-stub_any_instance
  rake (~> 10.0)
  spy

BUNDLED WITH
   1.16.1
